PATH
  remote: .
  specs:
    sundawg_responsys_client (0.0.1)
      soap4r-ruby1.9 (~> 2.0.5)

GEM
  remote: https://rubygems.org/
  specs:
    allison (2.0.3)
    echoe (4.6.5)
      allison (>= 2.0.3)
      rake (>= 0.9.2)
      rdoc (>= 2.5.11)
      rubyforge (>= 2.0.4)
    json (1.8.1)
    json_pure (1.8.1)
    metaclass (0.0.4)
    mocha (1.0.0)
      metaclass (~> 0.0.1)
    rake (12.3.3)
    rdoc (4.1.1)
      json (~> 1.4)
    rubyforge (2.0.4)
      json_pure (>= 1.1.7)
    soap4r-ruby1.9 (2.0.5)

PLATFORMS
  ruby

DEPENDENCIES
  echoe
  mocha
  rake
  sundawg_responsys_client!
